GIT
  remote: git://github.com/OpenAddressesUK/openc-schema.git
  revision: 49ac001c4b3a74ff8479f6196765c7aabf6520d7
  specs:
    openc-schema (0.0.1)

GIT
  remote: git://github.com/ruby-json-schema/json-schema.git
  revision: aded4d798a48545184dae7ae0a3bb41ec2794c88
  ref: aded4d798a48545184dae7ae0a3bb41ec2794c88
  specs:
    json-schema (2.5.0)
      addressable (~> 2.3)

PATH
  remote: .
  specs:
    turbot-runner (0.1.27)
      openc-json_schema (= 0.0.5)

GEM
  remote: https://rubygems.org/
  specs:
    addressable (2.3.7)
    coderay (1.1.0)
    columnize (0.9.0)
    debugger (1.6.8)
      columnize (>= 0.3.1)
      debugger-linecache (~> 1.2.0)
      debugger-ruby_core_source (~> 1.3.5)
    debugger-linecache (1.2.0)
    debugger-ruby_core_source (1.3.8)
    diff-lcs (1.2.5)
    method_source (0.8.2)
    openc-json_schema (0.0.5)
    pry (0.10.0)
      coderay (~> 1.1.0)
      method_source (~> 0.8.1)
      slop (~> 3.4)
    rspec (3.0.0)
      rspec-core (~> 3.0.0)
      rspec-expectations (~> 3.0.0)
      rspec-mocks (~> 3.0.0)
    rspec-core (3.0.1)
      rspec-support (~> 3.0.0)
    rspec-expectations (3.0.1)
      diff-lcs (>= 1.2.0, < 2.0)
      rspec-support (~> 3.0.0)
    rspec-mocks (3.0.1)
      rspec-support (~> 3.0.0)
    rspec-support (3.0.0)
    slop (3.5.0)

PLATFORMS
  ruby

DEPENDENCIES
  debugger
  json-schema!
  openc-schema!
  pry
  rspec (>= 3.0)
  rspec-mocks (>= 3.0)
  turbot-runner!
